GEM
  specs:
    fitgem (0.8.0)
      oauth
    oauth (0.4.7)

PLATFORMS
  ruby

DEPENDENCIES
  fitgem
